GEM
  remote: https://rubygems.org/
  specs:
    sass (3.3.4)
    sass-globbing (1.1.0)
      sass (>= 3.1)
    sass-media_query_combiner (0.0.6)
      sass (>= 3.2.0)

PLATFORMS
  ruby

DEPENDENCIES
  sass-globbing
  sass-media_query_combiner
